GEM
  remote: https://rubygems.org/
  specs:
    mini_portile (0.6.1)
    nokogiri (1.6.5)
      mini_portile (~> 0.6.0)
    nokogiri-plist (0.5.0)
      nokogiri
    terminal-notifier (1.6.2)

PLATFORMS
  ruby

DEPENDENCIES
  nokogiri-plist
  terminal-notifier
